GEM
  remote: https://rubygems.org/
  specs:
    mocha (2.1.0)
      ruby2_keywords (>= 0.0.5)
    power_assert (2.0.3)
    ruby2_keywords (0.0.5)
    test-unit (3.6.1)
      power_assert

PLATFORMS
  arm64-darwin-23

DEPENDENCIES
  mocha
  test-unit

BUNDLED WITH
   2.4.1
